PATH
  remote: .
  specs:
    shrine-imgix (0.5.1)
      imgix (>= 1.2, < 4)
      shrine (>= 2.0, < 4)

GEM
  remote: https://rubygems.org/
  specs:
    addressable (2.7.0)
      public_suffix (>= 2.0.2, < 5.0)
    coderay (1.1.3)
    content_disposition (1.0.0)
    down (5.1.1)
      addressable (~> 2.5)
    imgix (3.2.1)
      addressable
    method_source (1.0.0)
    minitest (5.14.1)
    mocha (1.11.2)
    pry (0.13.1)
      coderay (~> 1.1)
      method_source (~> 1.0)
    public_suffix (4.0.5)
    rake (13.0.1)
    shrine (2.19.4)
      content_disposition (~> 1.0)
      down (>= 4.1, < 6)
    shrine-memory (0.3.1)
      shrine (~> 2.2)

PLATFORMS
  ruby

DEPENDENCIES
  minitest
  mocha
  pry
  rake
  shrine-imgix!
  shrine-memory

BUNDLED WITH
   2.1.4
